GEM
  remote: http://rubygems.org/
  specs:
    tzinfo (0.3.35)

PLATFORMS
  ruby

DEPENDENCIES
  tzinfo
